GEM
  remote: https://rubygems.org/
  specs:
    cyberarm_engine (0.9.0)
      gosu (~> 0.14.0)
    gosu (0.14.5)

PLATFORMS
  ruby

DEPENDENCIES
  cyberarm_engine

BUNDLED WITH
   2.0.2
